GEM
  remote: https://rubygems.org/
  specs:
    erubi (1.7.1)
    mini_portile2 (2.3.0)
    mustermann (1.0.2)
    nokogiri (1.8.3)
      mini_portile2 (~> 2.3.0)
    puma (3.11.4)
    rack (2.0.5)
    rack-protection (2.0.3)
      rack
    sinatra (2.0.3)
      mustermann (~> 1.0)
      rack (~> 2.0)
      rack-protection (= 2.0.3)
      tilt (~> 2.0)
    tilt (2.0.8)

PLATFORMS
  ruby

DEPENDENCIES
  erubi
  nokogiri
  puma
  sinatra

BUNDLED WITH
   1.16.1
